GEM
  remote: https://rubygems.org/
  specs:
    discourse_api (0.17.0)
      faraday (~> 0.9)
      faraday_middleware (~> 0.10)
      rack (>= 1.6)
    faraday (0.13.1)
      multipart-post (>= 1.2, < 3)
    faraday_middleware (0.12.2)
      faraday (>= 0.7.4, < 1.0)
    multipart-post (2.0.0)
    rack (2.0.3)

PLATFORMS
  ruby

DEPENDENCIES
  discourse_api

BUNDLED WITH
   1.13.7
